GEM
  remote: https://rubygems.org/
  specs:
    json (1.8.1)
    mini_portile (0.6.2)
    nokogiri (1.6.6.2)
      mini_portile (~> 0.6.0)
    rack (1.6.4)
    w3c_validators (1.2)
      json
      nokogiri

PLATFORMS
  ruby

DEPENDENCIES
  rack
  w3c_validators

BUNDLED WITH
   1.10.6
